GIT
  remote: git://github.com/todesking/okura.git
  revision: 93fde441b80e8e8cf13221e664584d5f862d07f0
  specs:
    okura (0.0.1)

GEM
  remote: https://rubygems.org/
  specs:
    haml (4.0.5)
      tilt
    rack (1.5.2)
    rack-protection (1.5.2)
      rack
    sinatra (1.4.4)
      rack (~> 1.4)
      rack-protection (~> 1.4)
      tilt (~> 1.3, >= 1.3.4)
    tilt (1.4.1)

PLATFORMS
  ruby

DEPENDENCIES
  haml
  okura!
  sinatra
